GEM
  remote: https://rubygems.org/
  specs:
    dotenv (3.1.0)
    httparty (0.21.0)
      mini_mime (>= 1.0.0)
      multi_xml (>= 0.5.2)
    mini_mime (1.1.5)
    multi_xml (0.6.0)

PLATFORMS
  arm64-darwin-23
  ruby

DEPENDENCIES
  dotenv (~> 3.1)
  httparty (~> 0.21.0)

BUNDLED WITH
   2.5.4
